GIT
  remote: git://github.com/resolve/refinerycms-blog.git
  revision: e5db679226bac7ef8ddd568c40f52addd52d7a8a
  specs:
    refinerycms-blog (1.6.2)
      acts-as-taggable-on
      filters_spam (~> 0.2)
      refinerycms-core (~> 1.0.3)
      seo_meta (~> 1.1.0)

PATH
  remote: vendor/
  specs:
    refinerycms-calendar (1.1.0)
      refinerycms-core (>= 0.9.9.1)
    refinerycms-inquiries (1.0.1)
      filters_spam (~> 0.2)
    refinerycms-search (0.9.8)
      refinerycms (>= 0.9.8)

PATH
  remote: vendor/engines
  specs:
    refinerycms-fees (1.0)
    refinerycms-registrations (1.0)

GEM
  remote: http://rubygems.org/
  specs:
    ZenTest (4.6.0)
    abstract (1.0.0)
    actionmailer (3.0.9)
      actionpack (= 3.0.9)
      mail (~> 2.2.19)
    actionpack (3.0.9)
      activemodel (= 3.0.9)
      activesupport (= 3.0.9)
      builder (~> 2.1.2)
      erubis (~> 2.6.6)
      i18n (~> 0.5.0)
      rack (~> 1.2.1)
      rack-mount (~> 0.6.14)
      rack-test (~> 0.5.7)
      tzinfo (~> 0.3.23)
    activemodel (3.0.9)
      activesupport (= 3.0.9)
      builder (~> 2.1.2)
      i18n (~> 0.5.0)
    activerecord (3.0.9)
      activemodel (= 3.0.9)
      activesupport (= 3.0.9)
      arel (~> 2.0.10)
      tzinfo (~> 0.3.23)
    activeresource (3.0.9)
      activemodel (= 3.0.9)
      activesupport (= 3.0.9)
    activesupport (3.0.9)
    acts-as-taggable-on (2.0.6)
    acts_as_indexed (0.7.3)
    addressable (2.2.6)
    annotate (2.4.0)
    arel (2.0.10)
    autotest (4.4.6)
      ZenTest (>= 4.4.1)
    autotest-notification (2.3.3)
      autotest-standalone (~> 4.5)
    autotest-rails (4.1.0)
      ZenTest
    autotest-standalone (4.5.5)
    awesome_nested_set (2.0.1)
      activerecord (>= 3.0.0)
    babosa (0.3.5)
    bcrypt-ruby (2.1.4)
    builder (2.1.2)
    capybara (1.0.0)
      mime-types (>= 1.16)
      nokogiri (>= 1.3.3)
      rack (>= 1.0.0)
      rack-test (>= 0.5.4)
      selenium-webdriver (~> 0.2.0)
      xpath (~> 0.1.4)
    childprocess (0.2.0)
      ffi (~> 1.0.6)
    cucumber (1.0.2)
      builder (>= 2.1.2)
      diff-lcs (>= 1.1.2)
      gherkin (~> 2.4.5)
      json (>= 1.4.6)
      term-ansicolor (>= 1.0.5)
    cucumber-rails (1.0.2)
      capybara (>= 1.0.0)
      cucumber (~> 1.0.0)
      nokogiri (>= 1.4.6)
    database_cleaner (0.6.7)
    devise (1.3.4)
      bcrypt-ruby (~> 2.1.2)
      orm_adapter (~> 0.0.3)
      warden (~> 1.0.3)
    diff-lcs (1.1.2)
    dragonfly (0.9.4)
      rack
    erubis (2.6.6)
      abstract (>= 1.0.0)
    factory_girl (2.0.1)
    ffi (1.0.9)
    filters_spam (0.3)
    friendly_id_globalize3 (3.2.1.4)
      babosa (~> 0.3.0)
    gherkin (2.4.5)
      json (>= 1.4.6)
    globalize3 (0.1.0)
      activemodel (>= 3.0.0)
      activerecord (>= 3.0.0)
    htmlentities (4.3.0)
    i18n (0.5.0)
    json (1.5.3)
    json_pure (1.5.3)
    launchy (2.0.4)
      addressable (~> 2.2.6)
    mail (2.2.19)
      activesupport (>= 2.3.6)
      i18n (>= 0.4.0)
      mime-types (~> 1.16)
      treetop (~> 1.4.8)
    mime-types (1.16)
    mysql2 (0.2.11)
    nokogiri (1.5.0)
    orm_adapter (0.0.5)
    polyglot (0.3.1)
    rack (1.2.3)
    rack-cache (1.0.2)
      rack (>= 0.4)
    rack-mount (0.6.14)
      rack (>= 1.0.0)
    rack-test (0.5.7)
      rack (>= 1.0)
    rails (3.0.9)
      actionmailer (= 3.0.9)
      actionpack (= 3.0.9)
      activerecord (= 3.0.9)
      activeresource (= 3.0.9)
      activesupport (= 3.0.9)
      bundler (~> 1.0)
      railties (= 3.0.9)
    railties (3.0.9)
      actionpack (= 3.0.9)
      activesupport (= 3.0.9)
      rake (>= 0.8.7)
      rdoc (~> 3.4)
      thor (~> 0.14.4)
    rake (0.9.2)
    rcov (0.9.9)
    rdoc (3.8)
    refinerycms (1.0.3)
      bundler (~> 1.0)
      refinerycms-authentication (= 1.0.3)
      refinerycms-base (= 1.0.3)
      refinerycms-core (= 1.0.3)
      refinerycms-dashboard (= 1.0.3)
      refinerycms-images (= 1.0.3)
      refinerycms-pages (= 1.0.3)
      refinerycms-resources (= 1.0.3)
      refinerycms-settings (= 1.0.3)
    refinerycms-authentication (1.0.3)
      devise (~> 1.3.0)
      friendly_id_globalize3 (~> 3.2.1)
      refinerycms-core (= 1.0.3)
    refinerycms-base (1.0.3)
    refinerycms-core (1.0.3)
      acts_as_indexed (~> 0.7)
      awesome_nested_set (~> 2.0)
      friendly_id_globalize3 (~> 3.2.1)
      globalize3 (~> 0.1)
      rails (~> 3.0.9)
      refinerycms-base (= 1.0.3)
      refinerycms-generators (~> 1.0)
      refinerycms-settings (= 1.0.3)
      truncate_html (~> 0.5)
      will_paginate (~> 3.0.pre)
    refinerycms-dashboard (1.0.3)
      refinerycms-core (= 1.0.3)
    refinerycms-generators (1.0.2)
    refinerycms-i18n (1.0.0)
      refinerycms-core (>= 0.9.9.12)
      routing-filter (>= 0.2.3)
    refinerycms-images (1.0.3)
      dragonfly (~> 0.9.0)
      rack-cache (>= 0.5.3)
      refinerycms-core (= 1.0.3)
    refinerycms-news (1.2.0)
      refinerycms-core (~> 1.0.0)
    refinerycms-pages (1.0.3)
      awesome_nested_set (~> 2.0)
      friendly_id_globalize3 (~> 3.2.1)
      globalize3 (~> 0.1)
      refinerycms-core (= 1.0.3)
      seo_meta (~> 1.1)
    refinerycms-resources (1.0.3)
      dragonfly (~> 0.9.0)
      rack-cache (>= 0.5.3)
      refinerycms-core (= 1.0.3)
    refinerycms-settings (1.0.3)
      refinerycms-base (= 1.0.3)
    refinerycms-snippets (0.4.1)
      refinerycms-pages (>= 0.9.9.1)
    refinerycms-testing (1.0.3)
      autotest
      autotest-notification
      autotest-rails
      capybara (>= 0.4.1.1)
      cucumber
      cucumber-rails (>= 0.4)
      database_cleaner
      factory_girl
      gherkin
      json_pure
      launchy
      rack-test (~> 0.5.6)
      rcov
      refinerycms-core (= 1.0.3)
      rspec-rails (~> 2.6)
    routing-filter (0.2.4)
      actionpack
    rspec (2.6.0)
      rspec-core (~> 2.6.0)
      rspec-expectations (~> 2.6.0)
      rspec-mocks (~> 2.6.0)
    rspec-core (2.6.4)
    rspec-expectations (2.6.0)
      diff-lcs (~> 1.1.2)
    rspec-mocks (2.6.0)
    rspec-rails (2.6.1)
      actionpack (~> 3.0)
      activesupport (~> 3.0)
      railties (~> 3.0)
      rspec (~> 2.6.0)
    rubyzip (0.9.4)
    selenium-webdriver (0.2.2)
      childprocess (>= 0.1.9)
      ffi (>= 1.0.7)
      json_pure
      rubyzip
    seo_meta (1.1.1)
      refinerycms-generators (~> 1.0.1)
    spork (0.8.5)
    sqlite3 (1.3.4)
    term-ansicolor (1.0.6)
    thor (0.14.6)
    treetop (1.4.9)
      polyglot (>= 0.3.1)
    truncate_html (0.5.1)
    tzinfo (0.3.29)
    warden (1.0.4)
      rack (>= 1.0)
    will_paginate (3.0.pre2)
    xpath (0.1.4)
      nokogiri (~> 1.3)

PLATFORMS
  ruby

DEPENDENCIES
  annotate
  htmlentities
  mysql2 (~> 0.2.7)
  nokogiri
  rails (= 3.0.9)
  refinerycms (~> 1.0.0)
  refinerycms-blog!
  refinerycms-calendar!
  refinerycms-fees (= 1.0)!
  refinerycms-i18n (~> 1.0.0)
  refinerycms-inquiries!
  refinerycms-news (~> 1.2)
  refinerycms-registrations (= 1.0)!
  refinerycms-search!
  refinerycms-snippets (~> 0.4)
  refinerycms-testing (~> 1.0.0)
  spork
  sqlite3
