PATH
  remote: vendor/
  specs:
    refinerycms-blog (1.6.2)
      acts-as-taggable-on
      filters_spam (~> 0.2)
      refinerycms-core (~> 1.0.3)
      seo_meta (~> 1.1.0)
    refinerycms-calendar (1.1.0)
      refinerycms-core (>= 0.9.9.1)
    refinerycms-inquiries (1.0.1)
      filters_spam (~> 0.2)
    refinerycms-search (0.9.8)
      refinerycms (>= 0.9.8)

PATH
  remote: vendor/engines
  specs:
    refinerycms-fees (1.0)
    refinerycms-mailing_lists (1.0)
    refinerycms-registrations (1.0)

GEM
  remote: http://rubygems.org/
  specs:
    abstract (1.0.0)
    actionmailer (3.0.10)
      actionpack (= 3.0.10)
      mail (~> 2.2.19)
    actionpack (3.0.10)
      activemodel (= 3.0.10)
      activesupport (= 3.0.10)
      builder (~> 2.1.2)
      erubis (~> 2.6.6)
      i18n (~> 0.5.0)
      rack (~> 1.2.1)
      rack-mount (~> 0.6.14)
      rack-test (~> 0.5.7)
      tzinfo (~> 0.3.23)
    activemodel (3.0.10)
      activesupport (= 3.0.10)
      builder (~> 2.1.2)
      i18n (~> 0.5.0)
    activerecord (3.0.10)
      activemodel (= 3.0.10)
      activesupport (= 3.0.10)
      arel (~> 2.0.10)
      tzinfo (~> 0.3.23)
    activeresource (3.0.10)
      activemodel (= 3.0.10)
      activesupport (= 3.0.10)
    activesupport (3.0.10)
    acts-as-taggable-on (2.1.1)
      rails
    acts_as_indexed (0.7.6)
    arel (2.0.10)
    awesome_nested_set (2.0.2)
      activerecord (>= 3.0.0)
    babosa (0.3.5)
    bcrypt-ruby (3.0.1)
    builder (2.1.2)
    devise (1.4.9)
      bcrypt-ruby (~> 3.0)
      orm_adapter (~> 0.0.3)
      warden (~> 1.0.3)
    dragonfly (0.9.8)
      rack
    erubis (2.6.6)
      abstract (>= 1.0.0)
    filters_spam (0.3)
    friendly_id_globalize3 (3.2.1.5)
      babosa (~> 0.3.0)
    globalize3 (0.1.0)
      activemodel (>= 3.0.0)
      activerecord (>= 3.0.0)
    i18n (0.5.0)
    json (1.6.1)
    mail (2.2.19)
      activesupport (>= 2.3.6)
      i18n (>= 0.4.0)
      mime-types (~> 1.16)
      treetop (~> 1.4.8)
    mime-types (1.17.2)
    mysql2 (0.2.17)
    orm_adapter (0.0.5)
    polyglot (0.3.3)
    rack (1.2.4)
    rack-cache (1.1)
      rack (>= 0.4)
    rack-mount (0.6.14)
      rack (>= 1.0.0)
    rack-rewrite (1.0.2)
    rack-ssl (1.3.2)
      rack
    rack-test (0.5.7)
      rack (>= 1.0)
    rails (3.0.10)
      actionmailer (= 3.0.10)
      actionpack (= 3.0.10)
      activerecord (= 3.0.10)
      activeresource (= 3.0.10)
      activesupport (= 3.0.10)
      bundler (~> 1.0)
      railties (= 3.0.10)
    railties (3.0.10)
      actionpack (= 3.0.10)
      activesupport (= 3.0.10)
      rake (>= 0.8.7)
      rdoc (~> 3.4)
      thor (~> 0.14.4)
    rake (0.9.2.2)
    rdoc (3.11)
      json (~> 1.4)
    refinerycms (1.0.9)
      bundler (~> 1.0)
      refinerycms-authentication (= 1.0.9)
      refinerycms-base (= 1.0.9)
      refinerycms-core (= 1.0.9)
      refinerycms-dashboard (= 1.0.9)
      refinerycms-images (= 1.0.9)
      refinerycms-pages (= 1.0.9)
      refinerycms-resources (= 1.0.9)
      refinerycms-settings (= 1.0.9)
    refinerycms-authentication (1.0.9)
      activerecord (~> 3.0.10)
      devise (~> 1.4.3)
      friendly_id_globalize3 (~> 3.2.1)
      refinerycms-core (= 1.0.9)
    refinerycms-base (1.0.9)
    refinerycms-core (1.0.9)
      acts_as_indexed (~> 0.7)
      awesome_nested_set (~> 2.0)
      friendly_id_globalize3 (~> 3.2.1)
      globalize3 (~> 0.1)
      rails (~> 3.0.10)
      refinerycms-base (= 1.0.9)
      refinerycms-generators (~> 1.0)
      refinerycms-settings (= 1.0.9)
      truncate_html (~> 0.5)
      will_paginate (~> 3.0.0)
    refinerycms-dashboard (1.0.9)
      refinerycms-core (= 1.0.9)
    refinerycms-generators (1.0.4)
    refinerycms-i18n (1.0.0)
      refinerycms-core (>= 0.9.9.12)
      routing-filter (>= 0.2.3)
    refinerycms-images (1.0.9)
      activerecord (~> 3.0.10)
      dragonfly (~> 0.9.0)
      rack-cache (>= 0.5.3)
      refinerycms-core (= 1.0.9)
    refinerycms-pages (1.0.9)
      activerecord (~> 3.0.10)
      awesome_nested_set (~> 2.0)
      friendly_id_globalize3 (~> 3.2.1)
      globalize3 (~> 0.1)
      refinerycms-core (= 1.0.9)
      seo_meta (~> 1.1)
    refinerycms-resources (1.0.9)
      activerecord (~> 3.0.10)
      dragonfly (~> 0.9.0)
      rack-cache (>= 0.5.3)
      refinerycms-core (= 1.0.9)
    refinerycms-settings (1.0.9)
      activerecord (~> 3.0.10)
      refinerycms-base (= 1.0.9)
    routing-filter (0.2.4)
      actionpack
    seo_meta (1.1.1)
      refinerycms-generators (~> 1.0.1)
    thor (0.14.6)
    treetop (1.4.10)
      polyglot
      polyglot (>= 0.3.1)
    truncate_html (0.5.1)
    tzinfo (0.3.31)
    warden (1.0.6)
      rack (>= 1.0)
    will_paginate (3.0.2)

PLATFORMS
  ruby

DEPENDENCIES
  mysql2 (~> 0.2.7)
  rack-rewrite (~> 1.0.2)
  rack-ssl
  rails (~> 3.0.10)
  refinerycms (~> 1.0.9)
  refinerycms-blog!
  refinerycms-calendar!
  refinerycms-fees (= 1.0)!
  refinerycms-i18n (~> 1.0.0)
  refinerycms-inquiries!
  refinerycms-mailing_lists (= 1.0)!
  refinerycms-registrations (= 1.0)!
  refinerycms-search!
